GEM
  remote: https://rubygems.org/
  specs:
    minitest (5.10.2)
    rake (10.4.2)

PLATFORMS
  ruby

DEPENDENCIES
  minitest
  rake

RUBY VERSION
   ruby 2.3.1p112

BUNDLED WITH
   1.13.7
